PATH
  remote: .
  specs:
    bpfql (0.2.0)
      rbbcc

GEM
  remote: https://rubygems.org/
  specs:
    coderay (1.1.2)
    method_source (0.9.2)
    minitest (5.14.0)
    pry (0.12.2)
      coderay (~> 1.1.0)
      method_source (~> 0.9.0)
    rake (12.3.3)
    rbbcc (0.3.1)

PLATFORMS
  ruby

DEPENDENCIES
  bpfql!
  minitest (~> 5.0)
  pry
  rake (~> 12.0)

BUNDLED WITH
   2.0.2
